GIT
  remote: https://github.com/lian/bitcoin-ruby
  revision: a3fffe07505ea8e0c11dac548ae0dda0f8168f12
  branch: master
  specs:
    bitcoin-ruby (0.0.18)

GEM
  remote: https://rubygems.org/
  specs:
    diff-lcs (1.3)
    ffi (1.9.25)
    power_assert (1.1.2)
    rspec (3.7.0)
      rspec-core (~> 3.7.0)
      rspec-expectations (~> 3.7.0)
      rspec-mocks (~> 3.7.0)
    rspec-core (3.7.1)
      rspec-support (~> 3.7.0)
    rspec-expectations (3.7.0)
      diff-lcs (>= 1.2.0, < 2.0)
      rspec-support (~> 3.7.0)
    rspec-mocks (3.7.0)
      diff-lcs (>= 1.2.0, < 2.0)
      rspec-support (~> 3.7.0)
    rspec-support (3.7.1)
    test-unit (3.2.8)
      power_assert

PLATFORMS
  ruby

DEPENDENCIES
  bitcoin-ruby!
  ffi
  rspec
  test-unit

BUNDLED WITH
   1.16.1
